GEM
  remote: https://rubygems.org/
  specs:
    shoes (3.0.1)

PLATFORMS
  java

DEPENDENCIES
  shoes

BUNDLED WITH
   1.13.6
